GEM
  remote: https://rubygems.org/
  specs:
    actionmailer (4.2.0)
      actionpack (= 4.2.0)
      actionview (= 4.2.0)
      activejob (= 4.2.0)
      mail (~> 2.5, >= 2.5.4)
      rails-dom-testing (~> 1.0, >= 1.0.5)
    actionpack (4.2.0)
      actionview (= 4.2.0)
      activesupport (= 4.2.0)
      rack (~> 1.6.0)
      rack-test (~> 0.6.2)
      rails-dom-testing (~> 1.0, >= 1.0.5)
      rails-html-sanitizer (~> 1.0, >= 1.0.1)
    actionview (4.2.0)
      activesupport (= 4.2.0)
      builder (~> 3.1)
      erubis (~> 2.7.0)
      rails-dom-testing (~> 1.0, >= 1.0.5)
      rails-html-sanitizer (~> 1.0, >= 1.0.1)
    activejob (4.2.0)
      activesupport (= 4.2.0)
      globalid (>= 0.3.0)
    activemodel (4.2.0)
      activesupport (= 4.2.0)
      builder (~> 3.1)
    activerecord (4.2.0)
      activemodel (= 4.2.0)
      activesupport (= 4.2.0)
      arel (~> 6.0)
    activesupport (4.2.0)
      i18n (~> 0.7)
      json (~> 1.7, >= 1.7.7)
      minitest (~> 5.1)
      thread_safe (~> 0.3, >= 0.3.4)
      tzinfo (~> 1.1)
    angular_rails_csrf (3.2.0)
      railties (>= 3, < 6)
    arel (6.0.4)
    autoprefixer-rails (9.1.4)
      execjs
    bcrypt (3.1.12)
    binding_of_caller (0.8.0)
      debug_inspector (>= 0.0.1)
    bower-rails (0.11.0)
    builder (3.2.3)
    byebug (10.0.2)
    chart-js-rails (0.0.9)
      railties (> 3.1)
    coderay (1.1.2)
    coffee-rails (4.1.1)
      coffee-script (>= 2.2.0)
      railties (>= 4.0.0, < 5.1.x)
    coffee-script (2.4.1)
      coffee-script-source
      execjs
    coffee-script-source (1.12.2)
    concurrent-ruby (1.0.5)
    connection_pool (2.2.2)
    crass (1.0.4)
    debug_inspector (0.0.3)
    devise (4.4.3)
      bcrypt (~> 3.0)
      orm_adapter (~> 0.1)
      railties (>= 4.1.0, < 6.0)
      responders
      warden (~> 1.2.3)
    devise-i18n (1.6.5)
      devise (>= 4.4)
    devise-i18n-views (0.3.7)
    devise_token_auth (0.2.0)
      devise (> 3.5.2, < 4.5)
      rails (< 6)
    diff-lcs (1.3)
    domain_name (0.5.20180417)
      unf (>= 0.0.5, < 1.0.0)
    erubis (2.7.0)
    execjs (2.7.0)
    ffi (1.9.25)
    globalid (0.4.1)
      activesupport (>= 4.2.0)
    google-analytics-rails (1.1.1)
    http-cookie (1.0.3)
      domain_name (~> 0.5)
    i18n (0.9.5)
      concurrent-ruby (~> 1.0)
    jbuilder (2.7.0)
      activesupport (>= 4.2.0)
      multi_json (>= 1.2)
    jquery-rails (4.3.3)
      rails-dom-testing (>= 1, < 3)
      railties (>= 4.2.0)
      thor (>= 0.14, < 2.0)
    jquery-ui-rails (6.0.1)
      railties (>= 3.2.16)
    json (1.8.6)
    kaminari (1.1.1)
      activesupport (>= 4.1.0)
      kaminari-actionview (= 1.1.1)
      kaminari-activerecord (= 1.1.1)
      kaminari-core (= 1.1.1)
    kaminari-actionview (1.1.1)
      actionview
      kaminari-core (= 1.1.1)
    kaminari-activerecord (1.1.1)
      activerecord
      kaminari-core (= 1.1.1)
    kaminari-core (1.1.1)
    libv8 (3.16.14.19)
    loofah (2.2.2)
      crass (~> 1.0.2)
      nokogiri (>= 1.5.9)
    mail (2.7.0)
      mini_mime (>= 0.1.1)
    material_icons (2.2.1)
      railties (>= 3.2)
    materialize-sass (1.0.0)
      autoprefixer-rails (>= 6.0.3)
    mechanize (2.7.6)
      domain_name (~> 0.5, >= 0.5.1)
      http-cookie (~> 1.0)
      mime-types (>= 1.17.2)
      net-http-digest_auth (~> 1.1, >= 1.1.1)
      net-http-persistent (>= 2.5.2)
      nokogiri (~> 1.6)
      ntlm-http (~> 0.1, >= 0.1.1)
      webrobots (>= 0.0.9, < 0.2)
    method_source (0.9.0)
    mime-types (3.2.2)
      mime-types-data (~> 3.2015)
    mime-types-data (3.2018.0812)
    mini_mime (1.0.1)
    mini_portile2 (2.3.0)
    minitest (5.11.3)
    multi_json (1.13.1)
    mysql2 (0.5.2)
    net-http-digest_auth (1.4.1)
    net-http-persistent (3.0.0)
      connection_pool (~> 2.2)
    nokogiri (1.8.4)
      mini_portile2 (~> 2.3.0)
    ntlm-http (0.1.1)
    orm_adapter (0.5.0)
    pry (0.11.3)
      coderay (~> 1.1.0)
      method_source (~> 0.9.0)
    pry-byebug (3.6.0)
      byebug (~> 10.0)
      pry (~> 0.10)
    pry-doc (0.13.4)
      pry (~> 0.11)
      yard (~> 0.9.11)
    pry-rails (0.3.6)
      pry (>= 0.10.4)
    pry-stack_explorer (0.4.9.2)
      binding_of_caller (>= 0.7)
      pry (>= 0.9.11)
    rack (1.6.10)
    rack-test (0.6.3)
      rack (>= 1.0)
    rails (4.2.0)
      actionmailer (= 4.2.0)
      actionpack (= 4.2.0)
      actionview (= 4.2.0)
      activejob (= 4.2.0)
      activemodel (= 4.2.0)
      activerecord (= 4.2.0)
      activesupport (= 4.2.0)
      bundler (>= 1.3.0, < 2.0)
      railties (= 4.2.0)
      sprockets-rails
    rails-deprecated_sanitizer (1.0.3)
      activesupport (>= 4.2.0.alpha)
    rails-dom-testing (1.0.9)
      activesupport (>= 4.2.0, < 5.0)
      nokogiri (~> 1.6)
      rails-deprecated_sanitizer (>= 1.0.1)
    rails-html-sanitizer (1.0.4)
      loofah (~> 2.2, >= 2.2.2)
    rails_12factor (0.0.3)
      rails_serve_static_assets
      rails_stdout_logging
    rails_serve_static_assets (0.0.5)
    rails_stdout_logging (0.0.5)
    railties (4.2.0)
      actionpack (= 4.2.0)
      activesupport (= 4.2.0)
      rake (>= 0.8.7)
      thor (>= 0.18.1, < 2.0)
    rake (12.3.1)
    rb-fsevent (0.10.3)
    rb-inotify (0.9.10)
      ffi (>= 0.5.0, < 2)
    rdoc (4.3.0)
    ref (2.0.0)
    responders (2.4.0)
      actionpack (>= 4.2.0, < 5.3)
      railties (>= 4.2.0, < 5.3)
    rspec-core (3.8.0)
      rspec-support (~> 3.8.0)
    rspec-expectations (3.8.1)
      diff-lcs (>= 1.2.0, < 2.0)
      rspec-support (~> 3.8.0)
    rspec-mocks (3.8.0)
      diff-lcs (>= 1.2.0, < 2.0)
      rspec-support (~> 3.8.0)
    rspec-rails (3.8.0)
      actionpack (>= 3.0)
      activesupport (>= 3.0)
      railties (>= 3.0)
      rspec-core (~> 3.8.0)
      rspec-expectations (~> 3.8.0)
      rspec-mocks (~> 3.8.0)
      rspec-support (~> 3.8.0)
    rspec-support (3.8.0)
    sass (3.6.0)
      sass-listen (~> 4.0.0)
    sass-listen (4.0.0)
      rb-fsevent (~> 0.9, >= 0.9.4)
      rb-inotify (~> 0.9, >= 0.9.7)
    sass-rails (5.0.7)
      railties (>= 4.0.0, < 6)
      sass (~> 3.1)
      sprockets (>= 2.8, < 4.0)
      sprockets-rails (>= 2.0, < 4.0)
      tilt (>= 1.1, < 3)
    sdoc (0.4.2)
      json (~> 1.7, >= 1.7.7)
      rdoc (~> 4.0)
    spring (2.0.2)
      activesupport (>= 4.2)
    sprockets (3.7.2)
      concurrent-ruby (~> 1.0)
      rack (> 1, < 3)
    sprockets-rails (3.2.1)
      actionpack (>= 4.0)
      activesupport (>= 4.0)
      sprockets (>= 3.0.0)
    therubyracer (0.12.3)
      libv8 (~> 3.16.14.15)
      ref
    thor (0.20.0)
    thread_safe (0.3.6)
    tilt (2.0.8)
    turbolinks (5.2.0)
      turbolinks-source (~> 5.2)
    turbolinks-source (5.2.0)
    tzinfo (1.2.5)
      thread_safe (~> 0.1)
    uglifier (4.1.19)
      execjs (>= 0.3.0, < 3)
    unf (0.1.4)
      unf_ext
    unf_ext (0.0.7.5)
    warden (1.2.7)
      rack (>= 1.0)
    web-console (2.3.0)
      activemodel (>= 4.0)
      binding_of_caller (>= 0.7.2)
      railties (>= 4.0)
      sprockets-rails (>= 2.0, < 4.0)
    webrobots (0.1.2)
    yard (0.9.16)

PLATFORMS
  ruby

DEPENDENCIES
  angular_rails_csrf
  bower-rails
  byebug
  chart-js-rails (= 0.0.9)
  coffee-rails (~> 4.1.0)
  devise
  devise-i18n
  devise-i18n-views
  devise_token_auth
  google-analytics-rails
  jbuilder (~> 2.0)
  jquery-rails
  jquery-ui-rails
  kaminari
  material_icons
  materialize-sass
  mechanize
  mysql2 (~> 0.5.2)
  pry-byebug
  pry-doc
  pry-rails
  pry-stack_explorer
  rails (= 4.2.0)
  rails_12factor
  rspec-rails
  sass-rails (~> 5.0)
  sdoc (~> 0.4.0)
  spring
  therubyracer
  turbolinks
  uglifier (>= 1.3.0)
  web-console (~> 2.0)

RUBY VERSION
   ruby 2.5.1p57

BUNDLED WITH
   1.16.5
